GEM
  remote: http://rubygems.org/
  specs:
    diff-lcs (1.1.3)
    gli (1.5.1)
    i18n (0.6.0)
    i18n-spec (0.2.1)
    json (1.6.6)
    localeapp (0.4.3)
      gli
      i18n
      json
      rest-client
      ya2yaml
    mime-types (1.18)
    rest-client (1.6.7)
      mime-types (>= 1.16)
    rspec (2.9.0)
      rspec-core (~> 2.9.0)
      rspec-expectations (~> 2.9.0)
      rspec-mocks (~> 2.9.0)
    rspec-core (2.9.0)
    rspec-expectations (2.9.1)
      diff-lcs (~> 1.1.3)
    rspec-mocks (2.9.0)
    ya2yaml (0.31)

PLATFORMS
  ruby

DEPENDENCIES
  bundler (~> 1.1.2)
  i18n-spec
  localeapp
  rspec (>= 2.4.0)
