GEM
  remote: http://rubygems.org/
  specs:
    gli (1.5.1)
    i18n (0.6.0)
    json (1.6.6)
    localeapp (0.4.3)
      gli
      i18n
      json
      rest-client
      ya2yaml
    mime-types (1.18)
    rest-client (1.6.7)
      mime-types (>= 1.16)
    ya2yaml (0.31)

PLATFORMS
  ruby

DEPENDENCIES
  localeapp
